GEM
  specs:
    sass (3.4.18)

PLATFORMS
  ruby

DEPENDENCIES
  sass
